GEM
  remote: http://rubygems.org/
  specs:
    addressable (2.3.2)
    capistrano (2.13.5)
      highline
      net-scp (>= 1.0.0)
      net-sftp (>= 2.0.0)
      net-ssh (>= 2.0.14)
      net-ssh-gateway (>= 1.1.0)
    excon (0.16.7)
    heroku (2.33.0)
      heroku-api (~> 0.3.5)
      launchy (>= 0.3.2)
      netrc (~> 0.7.7)
      rest-client (~> 1.6.1)
      rubyzip
    heroku-api (0.3.5)
      excon (~> 0.16.1)
    highline (1.6.15)
    launchy (2.1.2)
      addressable (~> 2.3)
    mime-types (1.19)
    net-scp (1.0.4)
      net-ssh (>= 1.99.1)
    net-sftp (2.0.5)
      net-ssh (>= 2.0.9)
    net-ssh (2.6.1)
    net-ssh-gateway (1.1.0)
      net-ssh (>= 1.99.1)
    netrc (0.7.7)
    rest-client (1.6.7)
      mime-types (>= 1.16)
    rubyzip (0.9.9)

PLATFORMS
  ruby

DEPENDENCIES
  capistrano
  heroku
